GIT
  remote: https://github.com/bderusha/split
  revision: ebba7abb64510ece709d353d841f3e4464557d9d
  specs:
    split (0.4.3)
      redis (>= 2.1)
      redis-namespace (>= 1.1.0)
      sinatra (>= 1.2.6)

GIT
  remote: https://github.com/henghonglee/stuff-classifier
  revision: 4bdcc91606397d7baab2730a667fa0e1088e8f01
  specs:
    stuff-classifier (0.5)
      ruby-stemmer
      sequel

GEM
  remote: https://rubygems.org/
  specs:
    actionmailer (4.0.0)
      actionpack (= 4.0.0)
      mail (~> 2.5.3)
    actionpack (4.0.0)
      activesupport (= 4.0.0)
      builder (~> 3.1.0)
      erubis (~> 2.7.0)
      rack (~> 1.5.2)
      rack-test (~> 0.6.2)
    actionpack-action_caching (1.0.0)
      actionpack (>= 4.0.0.beta, < 5.0)
    actionpack-page_caching (1.0.0)
      actionpack (>= 4.0.0.beta, < 5.0)
    activemodel (4.0.0)
      activesupport (= 4.0.0)
      builder (~> 3.1.0)
    activerecord (4.0.0)
      activemodel (= 4.0.0)
      activerecord-deprecated_finders (~> 1.0.2)
      activesupport (= 4.0.0)
      arel (~> 4.0.0)
    activerecord-deprecated_finders (1.0.3)
    activesupport (4.0.0)
      i18n (~> 0.6, >= 0.6.4)
      minitest (~> 4.2)
      multi_json (~> 1.3)
      thread_safe (~> 0.1)
      tzinfo (~> 0.3.37)
    addressable (2.3.5)
    amatch (0.2.11)
      tins (~> 0.3)
    ansi (1.4.3)
    arel (4.0.0)
    atomic (1.1.10)
    awesome_print (1.1.0)
    bcrypt-ruby (3.0.1)
    best_in_place (0.2.3)
      rails (>= 3.0.0)
    better_errors (0.9.0)
      coderay (>= 1.0.0)
      erubis (>= 2.6.6)
    builder (3.1.4)
    callsite (0.0.11)
    capybara (2.1.0)
      mime-types (>= 1.16)
      nokogiri (>= 1.3.3)
      rack (>= 1.0.0)
      rack-test (>= 0.5.4)
      xpath (~> 2.0)
    capybara_minitest_spec (1.0.0)
      capybara (>= 2)
      minitest (>= 2)
    carrierwave (0.8.0)
      activemodel (>= 3.2.0)
      activesupport (>= 3.2.0)
    childprocess (0.3.9)
      ffi (~> 1.0, >= 1.0.11)
    coderay (1.0.9)
    coffee-rails (4.0.0)
      coffee-script (>= 2.2.0)
      railties (>= 4.0.0.beta, < 5.0)
    coffee-script (2.2.0)
      coffee-script-source
      execjs
    coffee-script-source (1.6.2)
    commonjs (0.2.6)
    d3_rails (3.2.2)
      railties (>= 3.1.0)
    dalli (2.6.4)
    database_cleaner (1.0.1)
    delayed_job (4.0.0.beta2)
      activesupport (>= 3.0, < 4.1)
    delayed_job_active_record (4.0.0.beta2)
      activerecord (>= 3.0, < 4.1)
      delayed_job (~> 4.0.0.beta1)
    devise (3.0.0.rc)
      bcrypt-ruby (~> 3.0)
      orm_adapter (~> 0.1)
      railties (>= 3.2.6, < 5)
      warden (~> 1.2.1)
    diff-lcs (1.1.3)
    erubis (2.7.0)
    escape (0.0.4)
    excon (0.6.6)
    execjs (1.4.0)
      multi_json (~> 1.0)
    factory_girl (4.2.0)
      activesupport (>= 3.0.0)
    factory_girl_rails (4.2.1)
      factory_girl (~> 4.2.0)
      railties (>= 3.0.0)
    faraday (0.8.7)
      multipart-post (~> 1.1)
    ffi (1.9.0)
    file-tail (1.0.12)
      tins (~> 0.5)
    fog (0.9.0)
      builder
      excon (~> 0.6.1)
      formatador (>= 0.1.3)
      json
      mime-types
      net-scp (>= 1.0.4)
      net-ssh (>= 2.1.4)
      nokogiri (>= 1.4.4)
      ruby-hmac
    formatador (0.2.4)
    google_drive (0.3.6)
      nokogiri (>= 1.4.4, != 1.5.2, != 1.5.1)
      oauth (>= 0.3.6)
      oauth2 (>= 0.5.0)
    haml (3.1.6)
    hashie (2.0.5)
    heroku (2.25.0)
      launchy (>= 0.3.2)
      netrc (~> 0.7.1)
      rest-client (~> 1.6.1)
      rubyzip
    hike (1.2.3)
    hirb (0.7.1)
    httpauth (0.2.0)
    i18n (0.6.4)
    jquery-rails (3.0.1)
      railties (>= 3.0, < 5.0)
      thor (>= 0.14, < 2.0)
    jquery-ui-rails (4.0.3)
      jquery-rails
      railties (>= 3.1.0)
    json (1.8.0)
    jwt (0.1.8)
      multi_json (>= 1.5)
    kaminari (0.14.1)
      actionpack (>= 3.0.0)
      activesupport (>= 3.0.0)
    kaminari-bootstrap (0.1.3)
      kaminari (>= 0.13.0)
      rails
    kgio (2.8.0)
    launchy (2.3.0)
      addressable (~> 2.3)
    less (2.2.2)
      commonjs (~> 0.2.6)
    less-rails (2.2.6)
      actionpack (>= 3.1)
      less (~> 2.2.0)
    libv8 (3.3.10.4)
    m (1.3.2)
      method_source (>= 0.6.7)
      rake (>= 0.9.2.2)
    mail (2.5.4)
      mime-types (~> 1.16)
      treetop (~> 1.4.8)
    memcachier (0.0.2)
    meta_request (0.2.7)
      callsite
      rack-contrib
      railties
    method_source (0.8.1)
    mime-types (1.23)
    mini_portile (0.5.0)
    minitest (4.7.5)
    minitest-capybara (0.3.0)
      capybara (~> 2.0)
      minitest (~> 4.0)
      rake
    minitest-matchers (1.3.0)
      minitest (~> 4.7)
    minitest-metadata (0.4.0)
      minitest (~> 4.7)
    minitest-rails (0.9.2)
      minitest (~> 4.7)
      rails (>= 3.0)
    minitest-rails-capybara (0.9.0)
      capybara (~> 2.0)
      minitest-capybara (~> 0.1)
      minitest-matchers (~> 1.2)
      minitest-metadata (~> 0.3)
      minitest-rails (~> 0.9.1)
    mixpanel (1.1.3)
      escape
      json
      rack
    multi_json (1.7.7)
    multi_xml (0.5.4)
    multipart-post (1.2.0)
    net-scp (1.1.1)
      net-ssh (>= 2.6.5)
    net-ssh (2.6.7)
    netrc (0.7.7)
    newrelic_rpm (3.6.5.130)
    nokogiri (1.6.0)
      mini_portile (~> 0.5.0)
    oauth (0.4.7)
    oauth2 (0.9.2)
      faraday (~> 0.8)
      httpauth (~> 0.2)
      jwt (~> 0.1.4)
      multi_json (~> 1.0)
      multi_xml (~> 0.5)
      rack (~> 1.2)
    omniauth (1.1.4)
      hashie (>= 1.2, < 3)
      rack
    omniauth-oauth (1.0.1)
      oauth
      omniauth (~> 1.0)
    omniauth-twitter (1.0.0)
      multi_json (~> 1.3)
      omniauth-oauth (~> 1.0)
    orm_adapter (0.4.0)
    pg (0.14.0)
    polyglot (0.3.3)
    protected_attributes (1.0.3)
      activemodel (>= 4.0.0, < 5.0)
    quiet_assets (1.0.2)
      railties (>= 3.1, < 5.0)
    rabl (0.6.14)
      activesupport (>= 2.3.14)
      multi_json (~> 1.0)
    rack (1.5.2)
    rack-contrib (1.1.0)
      rack (>= 0.9.1)
    rack-mini-profiler (0.1.27)
      rack (>= 1.1.3)
    rack-protection (1.5.0)
      rack
    rack-test (0.6.2)
      rack (>= 1.0)
    rails (4.0.0)
      actionmailer (= 4.0.0)
      actionpack (= 4.0.0)
      activerecord (= 4.0.0)
      activesupport (= 4.0.0)
      bundler (>= 1.3.0, < 2.0)
      railties (= 4.0.0)
      sprockets-rails (~> 2.0.0)
    rails-observers (0.1.1)
      railties (~> 4.0.0.beta)
    railties (4.0.0)
      actionpack (= 4.0.0)
      activesupport (= 4.0.0)
      rake (>= 0.8.7)
      thor (>= 0.18.1, < 2.0)
    raindrops (0.11.0)
    rake (10.1.0)
    redis (3.0.4)
    redis-namespace (1.3.0)
      redis (~> 3.0.0)
    rest-client (1.6.7)
      mime-types (>= 1.16)
    rspec (2.8.0)
      rspec-core (~> 2.8.0)
      rspec-expectations (~> 2.8.0)
      rspec-mocks (~> 2.8.0)
    rspec-core (2.8.0)
    rspec-expectations (2.8.0)
      diff-lcs (~> 1.1.2)
    rspec-mocks (2.8.0)
    rspec-rails (2.8.1)
      actionpack (>= 3.0)
      activesupport (>= 3.0)
      railties (>= 3.0)
      rspec (~> 2.8.0)
    ruby-hmac (0.4.0)
    ruby-stemmer (0.9.3)
    ruby2ruby (2.0.6)
      ruby_parser (~> 3.1)
      sexp_processor (~> 4.0)
    ruby_parser (3.1.3)
      sexp_processor (~> 4.1)
    rubyzip (0.9.9)
    sass (3.2.9)
    sass-rails (4.0.0)
      railties (>= 4.0.0.beta, < 5.0)
      sass (>= 3.1.10)
      sprockets-rails (~> 2.0.0)
    selenium-webdriver (2.33.0)
      childprocess (>= 0.2.5)
      multi_json (~> 1.0)
      rubyzip
      websocket (~> 1.0.4)
    sequel (3.48.0)
    sexp_processor (4.2.1)
    simple_oauth (0.2.0)
    sinatra (1.4.3)
      rack (~> 1.4)
      rack-protection (~> 1.4)
      tilt (~> 1.3, >= 1.3.4)
    sitemap_generator (4.1.0)
      builder
    sourcify (0.5.0)
      file-tail (>= 1.0.5)
      ruby2ruby (>= 1.2.5)
      ruby_parser (>= 2.0.5)
      sexp_processor (>= 3.0.5)
    sprockets (2.10.0)
      hike (~> 1.2)
      multi_json (~> 1.0)
      rack (~> 1.0)
      tilt (~> 1.1, != 1.3.0)
    sprockets-rails (2.0.0)
      actionpack (>= 3.0)
      activesupport (>= 3.0)
      sprockets (~> 2.8)
    therubyracer (0.10.1)
      libv8 (~> 3.3.10)
    thor (0.18.1)
    thread_safe (0.1.0)
      atomic
    tilt (1.4.1)
    timecop (0.6.1)
    tins (0.8.2)
    treetop (1.4.14)
      polyglot
      polyglot (>= 0.3.1)
    turn (0.9.6)
      ansi
    twitter (4.5.0)
      faraday (~> 0.8, < 0.10)
      multi_json (~> 1.0)
      simple_oauth (~> 0.2)
    twitter-bootstrap-rails (2.1.1)
      actionpack (>= 3.1)
      less-rails (~> 2.2.2)
      railties (>= 3.1)
      therubyracer (= 0.10.1)
    tzinfo (0.3.37)
    uglifier (2.1.1)
      execjs (>= 0.3.0)
      multi_json (~> 1.0, >= 1.0.2)
    unicorn (4.6.3)
      kgio (~> 2.6)
      rack
      raindrops (~> 0.7)
    warden (1.2.1)
      rack (>= 1.0)
    websocket (1.0.7)
    xpath (2.0.0)
      nokogiri (~> 1.3)

PLATFORMS
  ruby

DEPENDENCIES
  actionmailer (~> 4.0.0)
  actionpack-action_caching
  actionpack-page_caching
  activerecord-deprecated_finders
  activesupport (= 4.0.0)
  amatch
  awesome_print
  bcrypt-ruby (= 3.0.1)
  best_in_place
  better_errors
  capybara
  capybara_minitest_spec
  carrierwave
  coffee-rails (~> 4.0.0)
  d3_rails
  dalli (= 2.6.4)
  database_cleaner
  delayed_job_active_record (~> 4.0.0.beta2)
  devise (= 3.0.0.rc)
  factory_girl_rails
  fog
  google_drive
  haml (= 3.1.6)
  heroku
  hirb
  jquery-rails
  jquery-ui-rails
  kaminari
  kaminari-bootstrap
  launchy
  less-rails
  m
  memcachier
  meta_request
  minitest-rails-capybara
  mixpanel (= 1.1.3)
  newrelic_rpm
  omniauth
  omniauth-twitter
  pg (= 0.14.0)
  protected_attributes
  quiet_assets
  rabl (= 0.6.14)
  rack-mini-profiler
  rails (= 4.0.0)
  rails-observers
  redis
  rspec-rails (= 2.8.1)
  sass-rails (~> 4.0.0)
  selenium-webdriver
  sitemap_generator
  sourcify
  split!
  stuff-classifier!
  therubyracer (= 0.10.1)
  timecop
  turn
  twitter (= 4.5.0)
  twitter-bootstrap-rails (= 2.1.1)
  uglifier (>= 2.1.1)
  unicorn
